GEM
  remote: https://rubygems.org/
  specs:
    capistrano (2.15.5)
      highline
      net-scp (>= 1.0.0)
      net-sftp (>= 2.0.0)
      net-ssh (>= 2.0.14)
      net-ssh-gateway (>= 1.1.0)
    capistrano-deploytags (0.9.1)
      capistrano
      capistrano-ext
    capistrano-ext (1.2.1)
      capistrano (>= 1.0.0)
    highline (1.6.20)
    net-scp (1.1.2)
      net-ssh (>= 2.6.5)
    net-sftp (2.1.2)
      net-ssh (>= 2.6.5)
    net-ssh (2.7.0)
    net-ssh-gateway (1.2.0)
      net-ssh (>= 2.6.5)
    railsless-deploy (1.1.2)

PLATFORMS
  ruby

DEPENDENCIES
  capistrano (~> 2.15)
  capistrano-deploytags (~> 0.7)
  railsless-deploy
